GEM
  remote: https://rubygems.org/
  specs:
    csv (3.3.0)
    httparty (0.22.0)
      csv
      mini_mime (>= 1.0.0)
      multi_xml (>= 0.5.2)
    mini_mime (1.1.5)
    minitest (5.25.4)
    multi_xml (0.6.0)
    rexml (3.3.9)
    rss (0.3.1)
      rexml
    strscan (3.1.2)

PLATFORMS
  ruby

DEPENDENCIES
  httparty
  minitest
  rss
  strscan (~> 3.1.0)

BUNDLED WITH
   2.3.18
