GEM
  remote: https://rubygems.org/
  specs:
    csv (3.3.3)
    httparty (0.23.1)
      csv
      mini_mime (>= 1.0.0)
      multi_xml (>= 0.5.2)
    mini_mime (1.1.5)
    minitest (5.25.5)
    multi_xml (0.6.0)
    rexml (3.4.2)
    rss (0.3.1)
      rexml

PLATFORMS
  ruby

DEPENDENCIES
  httparty
  minitest
  rss

BUNDLED WITH
   2.3.18
